PATH
  remote: .
  specs:
    testify (0.2.0)

GEM
  remote: http://rubygems.org/
  specs:
    aruba (0.4.11)
      childprocess (>= 0.2.3)
      cucumber (>= 1.1.1)
      ffi (>= 1.0.11)
      rspec (>= 2.7.0)
    blockenspiel (0.4.3)
    builder (3.0.0)
    childprocess (0.3.2)
      ffi (~> 1.0.6)
    cucumber (1.2.1)
      builder (>= 2.1.2)
      diff-lcs (>= 1.1.3)
      gherkin (~> 2.11.0)
      json (>= 1.4.6)
    diff-lcs (1.1.3)
    ffi (1.0.11)
    gherkin (2.11.0)
      json (>= 1.4.6)
    git (1.2.5)
    gli (1.6.0)
    jeweler (1.6.4)
      bundler (~> 1.0)
      git (>= 1.2.5)
      rake
    json (1.7.3)
    metaclass (0.0.1)
    mocha (0.11.4)
      metaclass (~> 0.0.1)
    parseconfig (0.5.2)
    rake (0.9.2.2)
    rcov (1.0.0)
    rdoc (3.12)
      json (~> 1.4)
    rspec (2.10.0)
      rspec-core (~> 2.10.0)
      rspec-expectations (~> 2.10.0)
      rspec-mocks (~> 2.10.0)
    rspec-core (2.10.1)
    rspec-expectations (2.10.0)
      diff-lcs (~> 1.1.3)
    rspec-mocks (2.10.1)
    test-unit (2.5.0)
    versionomy (0.4.3)
      blockenspiel (>= 0.4.3)
    yard (0.8.2.1)

PLATFORMS
  ruby

DEPENDENCIES
  aruba
  bundler (>= 1.0.7)
  cucumber
  git
  gli
  jeweler (~> 1.6.4)
  json
  mocha
  parseconfig
  rake
  rcov
  rdoc (>= 2.4.2)
  test-unit
  testify!
  versionomy
  yard
